GEM
  remote: http://rubygems.org/
  specs:
    gem_plugin (0.2.3)
    mongrel (1.2.0.pre2-x86-mingw32)
      gem_plugin (~> 0.2.3)
    rack (1.3.5)

PLATFORMS
  x86-mingw32

DEPENDENCIES
  mongrel (= 1.2.0.pre2)
  rack (= 1.3.5)
